GEM
  remote: http://rubygems.org/
  specs:
    actionmailer (2.3.5)
      actionpack (= 2.3.5)
    actionpack (2.3.5)
      activesupport (= 2.3.5)
      rack (~> 1.0.0)
    activerecord (2.3.5)
      activesupport (= 2.3.5)
    activeresource (2.3.5)
      activesupport (= 2.3.5)
    activesupport (2.3.5)
    declarative_authorization (0.5.1)
    fastercsv (1.5.5)
    fattr (2.2.1)
    i18n (0.4.2)
    iconv (1.0.4)
    json (1.8.3)
    mysql (2.8.1)
    rack (1.0.1)
    rails (2.3.5)
      actionmailer (= 2.3.5)
      actionpack (= 2.3.5)
      activerecord (= 2.3.5)
      activeresource (= 2.3.5)
      activesupport (= 2.3.5)
      rake (>= 0.8.3)
    rake (0.8.7)
    rdoc (4.2.2)
      json (~> 1.4)
    ruby-ole (1.2.12)
    rush (0.6.8)
      session
    session (3.1.0)
      fattr
    spreadsheet (1.1.2)
      ruby-ole (>= 1.0)

PLATFORMS
  ruby

DEPENDENCIES
  declarative_authorization (= 0.5.1)
  fastercsv
  i18n (= 0.4.2)
  iconv (~> 1.0.3)
  mysql (= 2.8.1)
  rails (= 2.3.5)
  rake (= 0.8.7)
  rdoc
  rush (= 0.6.8)
  spreadsheet

BUNDLED WITH
   1.12.5
